{
	"TaskName": "Cortico-Cortical Evoked Potentials -CCEPs",
	"SamplingFrequency": 2048,
	"PowerLineFrequency": 60,
	"SoftwareFilters": "n/a",
	"HardwareFilters": {
		"HighpassFilter": {
			"CutoffFrequency": 0.01
		},
		"LowpassFilter": {
			"CutoffFrequency": 878
		}
	},
	"Manufacturer": "n/a",
	"ManufacturersModelName": "",
	"TaskDescription": "intracranial EEG (iEEG) recordings during single pulse electrical stimulation",
	"Instructions": "",
	"InstitutionName": "Mayo Clinic Rochester, MN",
	"InstitutionAddress": "",
	"DeviceSerialNumber": "",
	"ECOGChannelCount": 0,
	"SEEGChannelCount": 0,
	"EEGChannelCount": 0,
	"EOGChannelCount": 0,
	"ECGChannelCount": 0,
	"EMGChannelCount": 0,
	"MiscChannelCount": 0,
	"TriggerChannelCount": 0,
	"RecordingDuration": 4126.89,
	"RecordingType": "continuous",
	"EpochLength": 0,
	"SubjectArtefactDescription": "",
	"SoftwareVersions": "",
	"iEEGReference": "intracranial",
	"ElectrodeManufacturer": "",
	"ElectrodeManufacturersModelName": "",
	"iEEGGround": "",
	"iEEGPlacementScheme": "",
	"iEEGElectrodeGroups": "",
	"ElectricalStimulation": true,
	"ElectricalStimulationParameters": "CCEPs of 6mA during 200microsecond duration"
}